PATH
  remote: .
  specs:
    canvas-tools (0.0.1)
      bundler (~> 1.12)
      console_table (~> 0.2.4)
      rake (~> 10.0)

GEM
  remote: https://rubygems.org/
  specs:
    console_table (0.2.4)
      ruby-terminfo (~> 0.1)
    rake (10.5.0)
    ruby-terminfo (0.1.1)

PLATFORMS
  ruby

DEPENDENCIES
  canvas-tools!

BUNDLED WITH
   1.12.5
